PATH
  remote: ../rulers
  specs:
    rulers (0.1.1)
      rack

GEM
  remote: http://rubygems.org/
  specs:
    rack (2.0.5)

PLATFORMS
  ruby

DEPENDENCIES
  rulers!

BUNDLED WITH
   1.16.2
